GEM
  remote: https://rubygems.org/
  remote: https://rails-assets.org/
  specs:
    hike (1.2.3)
    inesita (0.0.8)
      opal
      opal-virtual-dom
      rack-rewrite
      sass
      slim
      thor
    opal (0.8.0)
      hike (~> 1.2)
      sourcemap (~> 0.1.0)
      sprockets (~> 3.1)
      tilt (>= 1.4)
    opal-browser (0.2.0)
      opal
      paggio
    opal-virtual-dom (0.0.4)
      opal
    paggio (0.2.4)
    rack (1.6.4)
    rack-rewrite (1.5.1)
    rails-assets-bootstrap (3.3.5)
      rails-assets-jquery (>= 1.9.1)
    rails-assets-jquery (2.1.4)
    rails-assets-virtual-dom (2.1.0)
    sass (3.4.16)
    slim (3.0.6)
      temple (~> 0.7.3)
      tilt (>= 1.3.3, < 2.1)
    sourcemap (0.1.1)
    sprockets (3.2.0)
      rack (~> 1.0)
    temple (0.7.6)
    thor (0.19.1)
    tilt (2.0.1)

PLATFORMS
  ruby

DEPENDENCIES
  inesita
  opal-browser
  rails-assets-bootstrap!
  rails-assets-virtual-dom!

BUNDLED WITH
   1.10.6
