PATH
  remote: /Users/fazibear/dev/inesita
  specs:
    inesita (0.2.3)
      opal (~> 0.9beta)
      opal-virtual-dom (~> 0.1.0)
      rack-rewrite (~> 1.5)
      sass (~> 3.4)
      slim (~> 3.0)
      thor (~> 0.19)

GEM
  remote: https://rubygems.org/
  remote: https://rails-assets.org/
  specs:
    execjs (2.6.0)
    hike (1.2.3)
    htmlcompressor (0.3.0)
    json (1.8.3)
    opal (0.9.0.beta1)
      hike (~> 1.2)
      sourcemap (~> 0.1.0)
      sprockets (~> 3.1)
      tilt (>= 1.4)
    opal-browser (0.2.0)
      opal
      paggio
    opal-rspec (0.4.3)
      opal (>= 0.7.0, < 0.9)
    opal-virtual-dom (0.1.0)
      opal
    paggio (0.2.5)
    rack (1.6.4)
    rack-rewrite (1.5.1)
    rails-assets-bootstrap (3.3.5)
      rails-assets-jquery (>= 1.9.1)
    rails-assets-jquery (2.1.4)
    rails-assets-virtual-dom (2.1.1)
    sass (3.4.19)
    slim (3.0.6)
      temple (~> 0.7.3)
      tilt (>= 1.3.3, < 2.1)
    sourcemap (0.1.1)
    sprockets (3.4.0)
      rack (> 1, < 3)
    temple (0.7.6)
    thor (0.19.1)
    tilt (2.0.1)
    uglifier (2.7.2)
      execjs (>= 0.3.0)
      json (>= 1.8.0)

PLATFORMS
  ruby

DEPENDENCIES
  htmlcompressor
  inesita!
  opal-browser (~> 0.2)
  opal-rspec (~> 0.4)
  rails-assets-bootstrap!
  rails-assets-virtual-dom!
  uglifier

BUNDLED WITH
   1.10.6
